GEM
  remote: https://rubygems.org/
  specs:
    assertthat-bdd (1.0.2)
      rest-client (~> 2.0, >= 2.0.2)
      rubyzip (~> 1.0, >= 1.0.0)
    backports (3.11.4)
    builder (3.2.3)
    c21e (1.1.8)
    cucumber (4.0.0.rc.1)
      builder (>= 2.1.2)
      cucumber-core (~> 4.0)
      cucumber-expressions (~> 6.0, >= 6.0.1)
      cucumber-formatter-dots (~> 1.0)
      cucumber-wire (~> 1.0)
      diff-lcs (~> 1.3)
      gherkin (~> 6.0)
      multi_json (>= 1.7.5, < 2.0)
      multi_test (>= 0.1.2)
    cucumber-core (4.0.0)
      backports (>= 3.8.0)
      cucumber-tag_expressions (~> 1.1.0)
      gherkin (~> 6.0)
    cucumber-expressions (6.0.1)
    cucumber-formatter-dots (1.1.2)
      c21e (~> 1.1.8)
      cucumber-messages (~> 2.0.0)
    cucumber-messages (2.0.0)
      google-protobuf (= 3.6.1)
    cucumber-tag_expressions (1.1.1)
    cucumber-wire (1.0.0)
      cucumber-core (~> 4.0)
      cucumber-expressions (~> 6.0)
    diff-lcs (1.3)
    domain_name (0.5.20180417)
      unf (>= 0.0.5, < 1.0.0)
    ffi (1.9.25-x64-mingw32)
    gherkin (6.0.15)
      c21e (~> 1.1.8)
      cucumber-messages (~> 2.0.0)
    google-protobuf (3.6.1-x64-mingw32)
    http-cookie (1.0.3)
      domain_name (~> 0.5)
    mime-types (3.2.2)
      mime-types-data (~> 3.2015)
    mime-types-data (3.2018.0812)
    multi_json (1.13.1)
    multi_test (0.1.2)
    netrc (0.11.0)
    power_assert (1.1.3)
    rest-client (2.0.2-x64-mingw32)
      ffi (~> 1.9)
      http-cookie (>= 1.0.2, < 2.0)
      mime-types (>= 1.16, < 4.0)
      netrc (~> 0.8)
    rubyzip (1.2.2)
    test-unit (3.2.9)
      power_assert
    unf (0.1.4)
      unf_ext
    unf_ext (0.0.7.5-x64-mingw32)

PLATFORMS
  x64-mingw32

DEPENDENCIES
  assertthat-bdd (~> 1.0.2)
  cucumber (~> 4.0.0.rc.1)
  test-unit

BUNDLED WITH
   1.17.1
